PATH
  remote: .
  specs:
    branch_io_cli (0.1.1)
      commander
      pattern_patch
      plist
      xcodeproj

GEM
  remote: https://rubygems.org/
  specs:
    CFPropertyList (2.3.5)
    ast (2.3.0)
    claide (1.0.2)
    coderay (1.1.2)
    colored2 (3.1.2)
    commander (4.4.3)
      highline (~> 1.7.2)
    diff-lcs (1.3)
    docile (1.1.5)
    highline (1.7.8)
    json (2.1.0)
    method_source (0.9.0)
    nanaimo (0.2.3)
    parallel (1.12.0)
    parser (2.4.0.0)
      ast (~> 2.2)
    pattern_patch (0.1.0)
    plist (3.3.0)
    powerpack (0.1.1)
    pry (0.11.1)
      coderay (~> 1.1.0)
      method_source (~> 0.9.0)
    rainbow (2.2.2)
      rake
    rake (12.1.0)
    rspec (3.6.0)
      rspec-core (~> 3.6.0)
      rspec-expectations (~> 3.6.0)
      rspec-mocks (~> 3.6.0)
    rspec-core (3.6.0)
      rspec-support (~> 3.6.0)
    rspec-expectations (3.6.0)
      diff-lcs (>= 1.2.0, < 2.0)
      rspec-support (~> 3.6.0)
    rspec-mocks (3.6.0)
      diff-lcs (>= 1.2.0, < 2.0)
      rspec-support (~> 3.6.0)
    rspec-simplecov (0.2.2)
    rspec-support (3.6.0)
    rubocop (0.50.0)
      parallel (~> 1.10)
      parser (>= 2.3.3.1, < 3.0)
      powerpack (~> 0.1)
      rainbow (>= 2.2.2, < 3.0)
      ruby-progressbar (~> 1.7)
      unicode-display_width (~> 1.0, >= 1.0.1)
    ruby-progressbar (1.9.0)
    simplecov (0.15.1)
      docile (~> 1.1.0)
      json (>= 1.8, < 3)
      simplecov-html (~> 0.10.0)
    simplecov-html (0.10.2)
    unicode-display_width (1.3.0)
    xcodeproj (1.5.2)
      CFPropertyList (~> 2.3.3)
      claide (>= 1.0.2, < 2.0)
      colored2 (~> 3.1)
      nanaimo (~> 0.2.3)

PLATFORMS
  ruby

DEPENDENCIES
  branch_io_cli!
  bundler
  pry
  rake
  rspec
  rspec-simplecov
  rubocop
  simplecov

BUNDLED WITH
   1.15.4
